GIT
  remote: git://github.com/Compass/compass-rails.git
  revision: aea69635f6000bbc7180f7fdd0ce216f904db30d
  specs:
    compass-rails (2.0.alpha.0)
      compass (>= 0.12.2, < 0.14)

GIT
  remote: git://github.com/drapergem/draper.git
  revision: d8e742c9f47490370624a91b5fc741b01bbffa08
  specs:
    draper (1.2.1)
      actionpack (>= 3.0)
      activemodel (>= 3.0)
      activesupport (>= 3.0)
      request_store (~> 1.0.3)

GIT
  remote: git://github.com/nex3/sass.git
  revision: 05c6872a834bbf1ea92e8e7d7da05ee4222d24bd
  tag: 3.3.0.rc.1
  specs:
    sass (3.3.0.rc.1)
      listen (~> 1.1.0)

GIT
  remote: git://github.com/norman/friendly_id.git
  revision: ec3464025ff2c412077b31d7bcb1c5bf07ad4c6e
  specs:
    friendly_id (5.0.0.rc3)
      activerecord (~> 4.0.0)

GIT
  remote: git://github.com/rails-api/active_model_serializers.git
  revision: 919bb3840107e8176a65d90c0af8ec1e02cef683
  specs:
    active_model_serializers (0.8.1)
      activemodel (>= 3.2)

GIT
  remote: git://github.com/rails/sass-rails.git
  revision: 4c58b432a05de820870a28cc8fb1b491a69bb01d
  specs:
    sass-rails (4.0.0)
      railties (>= 4.0.0, < 5.0)
      sass (>= 3.1.10)
      sprockets-rails (~> 2.0.0)

GEM
  remote: https://rubygems.org/
  specs:
    actionmailer (4.0.0)
      actionpack (= 4.0.0)
      mail (~> 2.5.3)
    actionpack (4.0.0)
      activesupport (= 4.0.0)
      builder (~> 3.1.0)
      erubis (~> 2.7.0)
      rack (~> 1.5.2)
      rack-test (~> 0.6.2)
    activemodel (4.0.0)
      activesupport (= 4.0.0)
      builder (~> 3.1.0)
    activerecord (4.0.0)
      activemodel (= 4.0.0)
      activerecord-deprecated_finders (~> 1.0.2)
      activesupport (= 4.0.0)
      arel (~> 4.0.0)
    activerecord-deprecated_finders (1.0.3)
    activesupport (4.0.0)
      i18n (~> 0.6, >= 0.6.4)
      minitest (~> 4.2)
      multi_json (~> 1.3)
      thread_safe (~> 0.1)
      tzinfo (~> 0.3.37)
    arel (4.0.0)
    atomic (1.1.14)
    autoprefixer-rails (0.8.20131009)
      execjs
    awesome_print (1.2.0)
    aws-sdk (1.11.1)
      json (~> 1.4)
      nokogiri (>= 1.4.4)
      uuidtools (~> 2.1)
    bcrypt-ruby (3.1.2-x86-mingw32)
    better_errors (1.0.1)
      coderay (>= 1.0.0)
      erubis (>= 2.6.6)
    binding_of_caller (0.7.2)
      debug_inspector (>= 0.0.1)
    breakpoint (2.0.7)
      compass (>= 0.12.1)
      sass (>= 3.2.0)
    breakpoint-slicer (1.2)
      breakpoint (>= 2.0.1)
      compass (>= 0.12.2)
      sass (>= 3.2.1)
    builder (3.1.4)
    bullet (4.6.0)
      uniform_notifier
    callsite (0.0.11)
    capybara (2.1.0)
      mime-types (>= 1.16)
      nokogiri (>= 1.3.3)
      rack (>= 1.0.0)
      rack-test (>= 0.5.4)
      xpath (~> 2.0)
    chunky_png (1.2.8)
    climate_control (0.0.3)
      activesupport (>= 3.0)
    cocaine (0.5.2)
      climate_control (>= 0.0.3, < 1.0)
    coderay (1.1.0)
    coffee-rails (4.0.0)
      coffee-script (>= 2.2.0)
      railties (>= 4.0.0.beta, < 5.0)
    coffee-script (2.2.0)
      coffee-script-source
      execjs
    coffee-script-source (1.6.3)
    color-schemer (0.2.7)
      compass (~> 0.12)
      compass-blend-modes (~> 0.0.2)
    compass (0.13.alpha.7)
      chunky_png (~> 1.2)
      json
      listen (~> 1.1.0)
      sass (~> 3.3.0.rc.1)
    compass-blend-modes (0.0.2)
      compass
    csso-rails (0.3.2)
      execjs (>= 1)
    debug_inspector (0.0.2)
    devise (3.1.1)
      bcrypt-ruby (~> 3.0)
      orm_adapter (~> 0.1)
      railties (>= 3.2.6, < 5)
      thread_safe (~> 0.1)
      warden (~> 1.2.3)
    diff-lcs (1.2.4)
    em-websocket (0.5.0)
      eventmachine (>= 0.12.9)
      http_parser.rb (~> 0.5.3)
    erubis (2.7.0)
    eventmachine (1.0.3)
    eventmachine (1.0.3-x86-mingw32)
    execjs (2.0.2)
    ffi (1.9.0)
    ffi (1.9.0-x86-mingw32)
    figaro (0.7.0)
      bundler (~> 1.0)
      rails (>= 3, < 5)
    guard (1.4.0)
      listen (>= 0.4.2)
      thor (>= 0.14.6)
    guard-livereload (1.0.3)
      em-websocket (>= 0.2.0)
      guard (>= 1.1.0)
      multi_json (~> 1.0)
    haml (4.0.3)
      tilt
    high_voltage (2.0.0)
    hike (1.2.3)
    http_parser.rb (0.5.3)
    http_parser.rb (0.5.3-x86-mingw32)
    i18n (0.6.5)
    jquery-rails (3.0.4)
      railties (>= 3.0, < 5.0)
      thor (>= 0.14, < 2.0)
    jquery-turbolinks (2.0.1)
      railties (>= 3.1.0)
      turbolinks
    json (1.8.0)
    kaminari (0.14.1)
      actionpack (>= 3.0.0)
      activesupport (>= 3.0.0)
    listen (1.1.6)
      rb-fsevent (>= 0.9.3)
      rb-inotify (>= 0.9)
      rb-kqueue (>= 0.2)
    mail (2.5.4)
      mime-types (~> 1.16)
      treetop (~> 1.4.8)
    meta_request (0.2.8)
      callsite
      rack-contrib
      railties
    mime-types (1.25)
    mini_portile (0.5.1)
    minitest (4.7.5)
    modular-scale (1.0.6)
      compass (>= 0.12.1)
      sass (>= 3.2.0)
      sassy-math (>= 1.5)
    multi_json (1.8.1)
    nokogiri (1.6.0)
      mini_portile (~> 0.5.0)
    nokogiri (1.6.0-x86-mingw32)
      mini_portile (~> 0.5.0)
    orm_adapter (0.4.0)
    paperclip (3.5.1)
      activemodel (>= 3.0.0)
      activesupport (>= 3.0.0)
      cocaine (~> 0.5.0)
      mime-types
    pg (0.17.0-x86-mingw32)
    polyglot (0.3.3)
    posix-spawn (0.3.6)
    puma (2.6.0)
      rack (>= 1.1, < 2.0)
    pygments.rb (0.5.2)
      posix-spawn (~> 0.3.6)
      yajl-ruby (~> 1.1.0)
    rack (1.5.2)
    rack-contrib (1.1.0)
      rack (>= 0.9.1)
    rack-test (0.6.2)
      rack (>= 1.0)
    rails (4.0.0)
      actionmailer (= 4.0.0)
      actionpack (= 4.0.0)
      activerecord (= 4.0.0)
      activesupport (= 4.0.0)
      bundler (>= 1.3.0, < 2.0)
      railties (= 4.0.0)
      sprockets-rails (~> 2.0.0)
    rails_12factor (0.0.2)
      rails_serve_static_assets
      rails_stdout_logging
    rails_serve_static_assets (0.0.1)
    rails_stdout_logging (0.0.3)
    railties (4.0.0)
      actionpack (= 4.0.0)
      activesupport (= 4.0.0)
      rake (>= 0.8.7)
      thor (>= 0.18.1, < 2.0)
    rake (10.1.0)
    rb-fchange (0.0.6)
      ffi
    rb-fsevent (0.9.3)
    rb-inotify (0.9.2)
      ffi (>= 0.5.0)
    rb-kqueue (0.2.0)
      ffi (>= 0.5.0)
    rdoc (3.12.2)
      json (~> 1.4)
    redcarpet (3.0.0)
    request_store (1.0.5)
    rspec-core (2.14.5)
    rspec-expectations (2.14.3)
      diff-lcs (>= 1.1.3, < 2.0)
    rspec-mocks (2.14.3)
    rspec-rails (2.14.0)
      actionpack (>= 3.0)
      activesupport (>= 3.0)
      railties (>= 3.0)
      rspec-core (~> 2.14.0)
      rspec-expectations (~> 2.14.0)
      rspec-mocks (~> 2.14.0)
    sass_rails_patch (0.0.2)
      sass-rails
    sassy-math (1.5)
      compass (~> 0.11)
    sassy-strings (1.0.0)
      compass (>= 0.12.2)
    sdoc (0.3.20)
      json (>= 1.1.3)
      rdoc (~> 3.10)
    shoulda (3.5.0)
      shoulda-context (~> 1.0, >= 1.0.1)
      shoulda-matchers (>= 1.4.1, < 3.0)
    shoulda-context (1.1.5)
    shoulda-matchers (2.4.0)
      activesupport (>= 3.0.0)
    singularitygs (1.1.2)
      breakpoint (>= 2.0.1)
      compass (>= 0.12.2)
      sass (>= 3.2.1)
    sprockets (2.10.0)
      hike (~> 1.2)
      multi_json (~> 1.0)
      rack (~> 1.0)
      tilt (~> 1.1, != 1.3.0)
    sprockets-rails (2.0.0)
      actionpack (>= 3.0)
      activesupport (>= 3.0)
      sprockets (~> 2.8)
    state_machine (1.2.0)
    thor (0.18.1)
    thread_safe (0.1.3)
      atomic
    tilt (1.4.1)
    toolkit (1.3.8)
      breakpoint (>= 2.0.6)
      color-schemer (>= 0.2.7)
      compass (>= 0.12.2)
      sassy-strings (>= 1.0.0)
      singularitygs (>= 1.1.2)
    treetop (1.4.15)
      polyglot
      polyglot (>= 0.3.1)
    turbolinks (1.3.0)
      coffee-rails
    tzinfo (0.3.38)
    uglifier (2.2.1)
      execjs (>= 0.3.0)
      multi_json (~> 1.0, >= 1.0.2)
    uniform_notifier (1.3.0)
    uuidtools (2.1.4)
    warden (1.2.3)
      rack (>= 1.0)
    xpath (2.0.0)
      nokogiri (~> 1.3)
    yajl-ruby (1.1.0-x86-mingw32)
    zurb-foundation (4.3.2)
      sass (>= 3.2.0)

PLATFORMS
  x86-mingw32

DEPENDENCIES
  active_model_serializers!
  autoprefixer-rails
  awesome_print
  aws-sdk
  bcrypt-ruby
  better_errors
  binding_of_caller
  breakpoint
  breakpoint-slicer
  bullet
  capybara (= 2.1.0)
  coffee-rails (~> 4.0.0)
  compass (~> 0.13.alpha.7)
  compass-rails!
  csso-rails
  devise
  draper!
  figaro
  friendly_id!
  guard
  guard-livereload
  haml
  high_voltage
  jquery-rails
  jquery-turbolinks
  kaminari
  meta_request
  modular-scale
  paperclip
  pg
  puma
  pygments.rb
  rails (= 4.0.0)
  rails_12factor
  rb-fchange
  rb-inotify
  redcarpet
  rspec-rails
  sass!
  sass-rails!
  sass_rails_patch (~> 0.0.1)
  sdoc
  shoulda
  sprockets
  state_machine
  toolkit
  turbolinks
  uglifier (>= 1.3.0)
  yajl-ruby
  zurb-foundation (~> 4.3.0)
